GIT
  remote: https://github.com/meew0/discordrb.git
  revision: 8b997dc21a91cd715075986e480edd857a3e8566
  branch: master
  specs:
    discordrb (3.1.1)
      activesupport (~> 4.2.7.1)
      discordrb-webhooks
      opus-ruby
      rbnacl (~> 3.4.0)
      rest-client
      websocket-client-simple (>= 0.3.0)
    discordrb-webhooks (0.1.0)
      rest-client

GEM
  remote: https://rubygems.org/
  specs:
    activesupport (4.2.7.1)
      i18n (~> 0.7)
      json (~> 1.7, >= 1.7.7)
      minitest (~> 5.1)
      thread_safe (~> 0.3, >= 0.3.4)
      tzinfo (~> 1.1)
    domain_name (0.5.20161129)
      unf (>= 0.0.5, < 1.0.0)
    dotenv (2.1.1)
    event_emitter (0.2.5)
    ffi (1.9.14)
    http-cookie (1.0.3)
      domain_name (~> 0.5)
    i18n (0.7.0)
    json (1.8.3)
    mime-types (3.1)
      mime-types-data (~> 3.2015)
    mime-types-data (3.2016.0521)
    minitest (5.10.1)
    netrc (0.11.0)
    opus-ruby (1.0.1)
      ffi
    rbnacl (3.4.0)
      ffi
    rest-client (2.0.0)
      http-cookie (>= 1.0.2, < 2.0)
      mime-types (>= 1.16, < 4.0)
      netrc (~> 0.8)
    rufus-scheduler (3.3.2)
      tzinfo
    sys-uptime (0.7.1)
      ffi (>= 1.0.0)
    thread_safe (0.3.5)
    time_difference (0.5.0)
      activesupport
    titleize (1.4.1)
    tzinfo (1.2.2)
      thread_safe (~> 0.1)
    unf (0.1.4)
      unf_ext
    unf_ext (0.0.7.2)
    websocket (1.2.3)
    websocket-client-simple (0.3.0)
      event_emitter
      websocket

PLATFORMS
  ruby

DEPENDENCIES
  discordrb!
  dotenv
  json
  rufus-scheduler
  sys-uptime
  time_difference
  titleize (~> 1.4)

BUNDLED WITH
   1.13.6
